GEM
  remote: https://rubygems.org/
  specs:
    axiom-types (0.1.1)
      descendants_tracker (~> 0.0.4)
      ice_nine (~> 0.11.0)
      thread_safe (~> 0.3, >= 0.3.1)
    chronic (0.10.2)
    coderay (1.1.1)
    coercible (1.0.0)
      descendants_tracker (~> 0.0.1)
    colored (1.2)
    columnize (0.9.0)
    debugger (1.6.8)
      columnize (>= 0.3.1)
      debugger-linecache (~> 1.2.0)
      debugger-ruby_core_source (~> 1.3.5)
    debugger-linecache (1.2.0)
    debugger-ruby_core_source (1.3.8)
    descendants_tracker (0.0.4)
      thread_safe (~> 0.3, >= 0.3.1)
    equalizer (0.0.11)
    faraday (0.9.2)
      multipart-post (>= 1.2, < 3)
    hashie (3.4.4)
    ice_nine (0.11.2)
    json (1.8.3)
    method_source (0.8.2)
    minecraft-query (1.0.0)
    multipart-post (2.0.0)
    pry (0.10.3)
      coderay (~> 1.1.0)
      method_source (~> 0.8.1)
      slop (~> 3.4)
    pry-debugger (0.2.3)
      debugger (~> 1.3)
      pry (>= 0.9.10, < 0.11.0)
    rufus-scheduler (3.2.1)
    slop (3.6.0)
    teamspeak-ruby (1.0.5)
    telegram-bot-ruby (0.5.2)
      faraday
      virtus
    thread_safe (0.3.5)
    trollop (2.1.2)
    ud (0.2.5)
      colored (~> 1.2)
      json (~> 1.8)
      trollop (~> 2.0)
    virtus (1.0.5)
      axiom-types (~> 0.1)
      coercible (~> 1.0)
      descendants_tracker (~> 0.0, >= 0.0.3)
      equalizer (~> 0.0, >= 0.0.9)

PLATFORMS
  ruby

DEPENDENCIES
  chronic
  hashie
  minecraft-query
  pry-debugger
  rufus-scheduler
  teamspeak-ruby
  telegram-bot-ruby
  ud
