GEM
  remote: https://rubygems.org/
  specs:
    axiom-types (0.1.1)
      descendants_tracker (~> 0.0.4)
      ice_nine (~> 0.11.0)
      thread_safe (~> 0.3, >= 0.3.1)
    byebug (10.0.2)
    chronic (0.10.2)
    coderay (1.1.2)
    coercible (1.0.0)
      descendants_tracker (~> 0.0.1)
    colored (1.2)
    descendants_tracker (0.0.4)
      thread_safe (~> 0.3, >= 0.3.1)
    equalizer (0.0.11)
    et-orbi (1.1.3)
      tzinfo
    faraday (0.15.2)
      multipart-post (>= 1.2, < 3)
    fugit (1.1.4)
      et-orbi (~> 1.1, >= 1.1.3)
      raabro (~> 1.1)
    hashie (3.5.7)
    ice_nine (0.11.2)
    inflecto (0.0.2)
    json (1.8.6)
    method_source (0.9.0)
    minecraft-query (1.0.0)
    multipart-post (2.0.0)
    pry (0.11.3)
      coderay (~> 1.1.0)
      method_source (~> 0.9.0)
    pry-byebug (3.6.0)
      byebug (~> 10.0)
      pry (~> 0.10)
    raabro (1.1.6)
    rufus-scheduler (3.5.1)
      fugit (~> 1.1, >= 1.1.4)
    teamspeak-ruby (1.2.1)
    telegram-bot-ruby (0.8.6.1)
      faraday
      inflecto
      virtus
    thread_safe (0.3.6)
    trollop (2.1.3)
    tzinfo (1.2.5)
      thread_safe (~> 0.1)
    ud (0.3.0)
      colored (~> 1.2)
      json (~> 1.8)
      trollop (~> 2.1)
    virtus (1.0.5)
      axiom-types (~> 0.1)
      coercible (~> 1.0)
      descendants_tracker (~> 0.0, >= 0.0.3)
      equalizer (~> 0.0, >= 0.0.9)

PLATFORMS
  ruby

DEPENDENCIES
  chronic
  hashie
  minecraft-query
  pry-byebug
  rufus-scheduler
  teamspeak-ruby
  telegram-bot-ruby
  ud

BUNDLED WITH
   1.13.6
